PATH
  remote: .
  specs:
    redis_vars (0.6.0)
      redis
      thor (>= 0.13.6)

GEM
  remote: http://rubygems.org/
  specs:
    diff-lcs (1.1.3)
    hpricot (0.8.6)
    metaclass (0.0.1)
    mocha (0.13.1)
      metaclass (~> 0.0.1)
    mustache (0.99.4)
    rdiscount (1.6.8)
    redis (3.0.2)
    ronn (0.7.3)
      hpricot (>= 0.8.2)
      mustache (>= 0.7.0)
      rdiscount (>= 1.5.8)
    rspec (2.12.0)
      rspec-core (~> 2.12.0)
      rspec-expectations (~> 2.12.0)
      rspec-mocks (~> 2.12.0)
    rspec-core (2.12.2)
    rspec-expectations (2.12.1)
      diff-lcs (~> 1.1.3)
    rspec-mocks (2.12.1)
    thor (0.16.0)

PLATFORMS
  ruby

DEPENDENCIES
  mocha
  redis_vars!
  ronn
  rspec
